GEM
  remote: https://rubygems.org/
  specs:
    activemodel (5.2.4.6)
      activesupport (= 5.2.4.6)
    activesupport (5.2.4.6)
      concurrent-ruby (~> 1.0, >= 1.0.2)
      i18n (>= 0.7, < 2)
      minitest (~> 5.1)
      tzinfo (~> 1.1)
    addressable (2.5.2)
      public_suffix (>= 2.0.2, < 4.0)
    concurrent-ruby (1.1.9)
    faraday (0.15.2)
      multipart-post (>= 1.2, < 3)
    i18n (1.8.10)
      concurrent-ruby (~> 1.0)
    mini_portile2 (2.5.1)
    minitest (5.14.4)
    multipart-post (2.0.0)
    nokogiri (1.11.4)
      mini_portile2 (~> 2.5.0)
      racc (~> 1.4)
    nokogiri (1.11.4-java)
      racc (~> 1.4)
    octokit (4.9.0)
      sawyer (~> 0.8.0, >= 0.5.3)
    public_suffix (3.0.2)
    racc (1.5.2)
    racc (1.5.2-java)
    sawyer (0.8.1)
      addressable (>= 2.3.5, < 2.6)
      faraday (~> 0.8, < 1.0)
    thread_safe (0.3.6)
    thread_safe (0.3.6-java)
    tzinfo (1.2.9)
      thread_safe (~> 0.1)

PLATFORMS
  java
  ruby

DEPENDENCIES
  activemodel
  nokogiri
  octokit

BUNDLED WITH
   1.16.6
