GEM
  remote: https://rubygems.org/
  specs:
    coderay (1.1.2)
    dotenv (2.6.0)
    method_source (0.9.2)
    mini_portile2 (2.5.3)
    nokogiri (1.11.7)
      mini_portile2 (~> 2.5.0)
      racc (~> 1.4)
    pry (0.12.2)
      coderay (~> 1.1.0)
      method_source (~> 0.9.0)
    racc (1.5.2)

PLATFORMS
  ruby

DEPENDENCIES
  dotenv
  nokogiri
  pry

BUNDLED WITH
   1.17.1
